GEM
  remote: http://rubygems.org/
  specs:
    curb (0.7.16)
    nokogiri (1.5.0)
    sanitize (2.0.3)
      nokogiri (>= 1.4.4, < 1.6)

PLATFORMS
  ruby

DEPENDENCIES
  curb
  nokogiri
  sanitize
